GIT
  remote: git://github.com/ruby-amqp/amqp.git
  revision: 3b62b96f45c65437918b2fe0fd57f419b24f0d13
  specs:
    amqp (1.1.0.pre)
      amq-client (~> 1.0.0)
      amq-protocol (~> 1.2.0)
      eventmachine

GEM
  remote: https://rubygems.org/
  specs:
    amq-client (1.0.0)
      amq-protocol (>= 1.2.0)
      eventmachine
    amq-protocol (1.2.0)
    awesome_print (1.1.0)
    eventmachine (1.0.3)
    json (1.7.7)
    macaddr (1.6.1)
      systemu (~> 2.5.0)
    systemu (2.5.2)
    uuid (2.3.7)
      macaddr (~> 1.0)

PLATFORMS
  ruby

DEPENDENCIES
  amqp!
  awesome_print
  json
  uuid
